GEM
  remote: https://rubygems.org/
  specs:
    activesupport (4.2.9)
      i18n (~> 0.7)
      minitest (~> 5.1)
      thread_safe (~> 0.3, >= 0.3.4)
      tzinfo (~> 1.1)
    addressable (2.4.0)
    backports (3.8.0)
    cid (0.3.2)
      colorize
      csvlint
      dotenv
      git
      github_api
      json
      memoist
      thor
      travis
    colorize (0.8.1)
    csvlint (0.3.3)
      activesupport (< 5.0)
      addressable
      colorize
      escape_utils
      mime-types
      net-http-persistent (< 3.0)
      open_uri_redirections
      rack (< 2.0)
      thor
      typhoeus
      uri_template
    descendants_tracker (0.0.4)
      thread_safe (~> 0.3, >= 0.3.1)
    dotenv (2.2.1)
    escape_utils (1.2.1)
    ethon (0.10.1)
      ffi (>= 1.3.0)
    faraday (0.9.2)
      multipart-post (>= 1.2, < 3)
    faraday_middleware (0.11.0.1)
      faraday (>= 0.7.4, < 1.0)
    ffi (1.9.18)
    gh (0.15.1)
      addressable (~> 2.4.0)
      backports
      faraday (~> 0.8)
      multi_json (~> 1.0)
      net-http-persistent (~> 2.9)
      net-http-pipeline
    git (1.3.0)
    github_api (0.17.0)
      addressable (~> 2.4.0)
      descendants_tracker (~> 0.0.4)
      faraday (~> 0.8, < 0.10)
      hashie (>= 3.4)
      mime-types (>= 1.16, < 3.0)
      oauth2 (~> 1.0)
    hashie (3.5.6)
    highline (1.7.8)
    i18n (0.8.6)
    json (2.1.0)
    jwt (1.5.6)
    launchy (2.4.3)
      addressable (~> 2.3)
    memoist (0.16.0)
    mime-types (2.99.3)
    minitest (5.10.3)
    multi_json (1.12.1)
    multi_xml (0.6.0)
    multipart-post (2.0.0)
    net-http-persistent (2.9.4)
    net-http-pipeline (1.0.1)
    oauth2 (1.4.0)
      faraday (>= 0.8, < 0.13)
      jwt (~> 1.0)
      multi_json (~> 1.3)
      multi_xml (~> 0.5)
      rack (>= 1.2, < 3)
    open_uri_redirections (0.2.1)
    pusher-client (0.6.2)
      json
      websocket (~> 1.0)
    rack (1.6.8)
    rake (12.0.0)
    thor (0.19.4)
    thread_safe (0.3.6)
    travis (1.8.8)
      backports
      faraday (~> 0.9)
      faraday_middleware (~> 0.9, >= 0.9.1)
      gh (~> 0.13)
      highline (~> 1.6)
      launchy (~> 2.1)
      pusher-client (~> 0.4)
      typhoeus (~> 0.6, >= 0.6.8)
    typhoeus (0.8.0)
      ethon (>= 0.8.0)
    tzinfo (1.2.3)
      thread_safe (~> 0.1)
    uri_template (0.7.0)
    websocket (1.2.4)

PLATFORMS
  ruby

DEPENDENCIES
  cid
  rake

RUBY VERSION
   ruby 2.7.1p83

BUNDLED WITH
   2.1.4
